GEM
  remote: https://rubygems.org/
  specs:
    netrc (0.7.9)
    rest_client (1.8.3)
      netrc (~> 0.7.7)

PLATFORMS
  ruby

DEPENDENCIES
  rest_client (~> 1.8, >= 1.8.3)

BUNDLED WITH
   1.15.3
