GEM
  remote: https://rubygems.org/
  specs:
    bigdecimal (1.2.4)
    domain_name (0.5.20160615)
      unf (>= 0.0.5, < 1.0.0)
    hiera (1.3.4)
      json_pure
    http-cookie (1.0.2)
      domain_name (~> 0.5)
    io-console (0.4.2)
    json (1.8.1)
    json_pure (2.1.0)
    mime-types (3.1)
      mime-types-data (~> 3.2015)
    mime-types-data (3.2016.0521)
    minitest (4.7.5)
    netrc (0.11.0)
    psych (2.0.5)
    rake (10.1.0)
    rdoc (4.1.0)
      json (~> 1.4)
    rest-client (2.0.0)
      http-cookie (>= 1.0.2, < 2.0)
      mime-types (>= 1.16, < 4.0)
      netrc (~> 0.8)
    rgen (0.7.0)
    ruby-shadow (2.3.4)
    safe_yaml (1.0.3)
    unf (0.2.0.beta2)

PLATFORMS
  ruby

DEPENDENCIES
  bigdecimal (= 1.2.4)
  domain_name (= 0.5.20160615)
  hiera (= 1.3.4)
  http-cookie (= 1.0.2)
  io-console (= 0.4.2)
  json (= 1.8.1)
  mime-types (= 3.1)
  mime-types-data (= 3.2016.0521)
  minitest (= 4.7.5)
  netrc (= 0.11.0)
  psych (= 2.0.5)
  rake (= 10.1.0)
  rdoc (= 4.1.0)
  rest-client (= 2.0.0)
  rgen (= 0.7.0)
  ruby-shadow (= 2.3.4)
  safe_yaml (= 1.0.3)
  unf (= 0.2.0.beta2)

BUNDLED WITH
   1.13.6
